GEM
  remote: http://rubygems.org/
  specs:
    activesupport (3.0.5)
    flexmock (0.9.0)
    gdata (1.1.1)
    git (1.2.5)
    jeweler (1.5.2)
      bundler (~> 1.0.0)
      git (>= 1.2.5)
      rake
    rake (0.8.7)
    rcov (0.9.9)
    shoulda (2.11.3)

PLATFORMS
  ruby

DEPENDENCIES
  activesupport (>= 2.3.2)
  bundler (~> 1.0.0)
  flexmock
  gdata (>= 1.1.1)
  jeweler (~> 1.5.2)
  rcov
  shoulda
